GEM
  remote: https://rubygems.org/
  specs:
    dbf (4.2.2)

PLATFORMS
  arm64-darwin-21

DEPENDENCIES
  dbf

BUNDLED WITH
   2.3.22
